GEM
  remote: https://rubygems.org/
  specs:
    colored (1.2)
    thor (0.18.1)

PLATFORMS
  ruby

DEPENDENCIES
  colored
  thor
