PATH
  remote: .
  specs:
    apt-spy2 (0.0.1)

GEM
  remote: https://rubygems.org/
  specs:
    colored (1.2)
    rake (10.1.0)
    thor (0.18.1)

PLATFORMS
  ruby

DEPENDENCIES
  apt-spy2!
  bundler (~> 1.3)
  colored
  rake
  thor
